GEM
  remote: http://rubygems.org/
  specs:
    async_sinatra (0.3.0)
      sinatra (>= 1.0)
    daemons (1.1.0)
    eventmachine (0.12.10)
    json (1.4.6)
    rack (1.2.1)
    rbcoremidi (0.0.1)
    sinatra (1.1.0)
      rack (~> 1.1)
      tilt (~> 1.1)
    thin (1.2.7)
      daemons (>= 1.0.9)
      eventmachine (>= 0.12.6)
      rack (>= 1.0.0)
    tilt (1.1)

PLATFORMS
  ruby

DEPENDENCIES
  async_sinatra
  json
  rack
  rbcoremidi
  sinatra
  thin
